GIT
  remote: https://github.com/webdev778/rambling-trie.git
  revision: 8de944001d2a19071ad04a8c867b625e5e7ee9dd
  branch: opal
  specs:
    rambling-trie-opal (2.1.1)

GEM
  remote: https://rubygems.org/
  specs:
    ast (2.4.1)
    coderay (1.1.3)
    ffi (1.13.1)
    formatador (0.2.5)
    guard (2.16.2)
      formatador (>= 0.2.4)
      listen (>= 2.7, < 4.0)
      lumberjack (>= 1.0.12, < 2.0)
      nenv (~> 0.1)
      notiffany (~> 0.0)
      pry (>= 0.9.12)
      shellany (~> 0.0)
      thor (>= 0.18.1)
    guard-rake (1.0.0)
      guard
      rake
    listen (3.2.1)
      rb-fsevent (~> 0.10, >= 0.10.3)
      rb-inotify (~> 0.9, >= 0.9.10)
    lumberjack (1.2.7)
    method_source (1.0.0)
    nenv (0.3.0)
    notiffany (0.1.3)
      nenv (~> 0.1)
      shellany (~> 0.0)
    opal (1.0.3)
      ast (>= 2.3.0)
      parser (~> 2.6)
    parser (2.7.1.4)
      ast (~> 2.4.1)
    pry (0.13.1)
      coderay (~> 1.1)
      method_source (~> 1.0)
    rake (13.0.1)
    rb-fsevent (0.10.4)
    rb-inotify (0.10.1)
      ffi (~> 1.0)
    shellany (0.0.1)
    thor (1.0.1)

PLATFORMS
  ruby

DEPENDENCIES
  guard
  guard-rake
  opal (~> 1.0.3)
  rambling-trie-opal!

BUNDLED WITH
   1.17.3
